GEM
  remote: https://rubygems.org/
  specs:
    aws-sdk (2.6.3)
      aws-sdk-resources (= 2.6.3)
    aws-sdk-core (2.6.3)
      jmespath (~> 1.0)
    aws-sdk-resources (2.6.3)
      aws-sdk-core (= 2.6.3)
    dotenv (2.1.1)
    jmespath (1.3.1)
    rack (2.0.1)

PLATFORMS
  ruby

DEPENDENCIES
  aws-sdk
  dotenv
  rack

BUNDLED WITH
   1.13.1
